GEM
  remote: http://rubygems.org/
  specs:
    addressable (2.2.6)
    builder (3.0.0)
    daemons (1.1.4)
    data_objects (0.10.6)
      addressable (~> 2.1)
    dm-core (1.1.0)
      addressable (~> 2.2.4)
    dm-do-adapter (1.1.0)
      data_objects (~> 0.10.2)
      dm-core (~> 1.1.0)
    dm-sqlite-adapter (1.1.0)
      dm-do-adapter (~> 1.1.0)
      do_sqlite3 (~> 0.10.2)
    do_sqlite3 (0.10.6)
      data_objects (= 0.10.6)
    eventmachine (0.12.10)
    json (1.4.6)
    jwt (0.1.3)
      json (>= 1.2.4)
    rack (1.3.2)
    sinatra (1.2.6)
      rack (~> 1.1)
      tilt (< 2.0, >= 1.2.2)
    thin (1.2.7)
      daemons (>= 1.0.9)
      eventmachine (>= 0.12.6)
      rack (>= 1.0.0)
    tilt (1.3.2)
    twilio-ruby (3.2.0)
      builder (>= 2.1.2)
      json (>= 1.2.0)
      jwt (>= 0.1.2)

PLATFORMS
  ruby

DEPENDENCIES
  builder
  dm-core
  dm-sqlite-adapter
  sinatra
  thin (= 1.2.7)
  twilio-ruby
